GEM
  remote: https://rubygems.org/
  specs:
    xpather (0.1.2)

PLATFORMS
  ruby

DEPENDENCIES
  xpather
